NUGET
  remote: https://www.nuget.org/api/v2
  specs:
    Argu (3.3.0)
      FSharp.Core (>= 4.0.1.7-alpha)
      NETStandard.Library (>= 1.6.0)
      System.Xml.XDocument (>= 4.0.11)
    FSharp.Configuration (0.6.2)
    FSharp.Core (4.0.1.7-alpha)
      Microsoft.NETCore.Platforms (>= 1.0.1)
      NETStandard.Library (>= 1.6.0)
      System.Linq.Expressions (>= 4.1.0)
      System.Linq.Queryable (>= 4.0.1)
      System.Net.Requests (>= 4.0.11)
      System.Reflection.Emit (>= 4.0.1)
      System.Reflection.TypeExtensions (>= 4.1.0)
      System.Runtime.Loader (>= 4.0.0)
      System.Threading.Tasks.Parallel (>= 4.0.1)
      System.Threading.Thread (>= 4.0.0)
      System.Threading.ThreadPool (>= 4.0.10)
    FSharp.Data (2.3.2)
      Zlib.Portable (>= 1.11.0) - framework: portable-net45+sl5+win8, portable-net45+win8, portable-net45+win8+wp8+wpa81
    Microsoft.NETCore.Platforms (1.0.1)
    Microsoft.NETCore.Targets (1.0.1)
    Microsoft.Win32.Primitives (4.0.1)
      Microsoft.NETCore.Platforms (>= 1.0.1)
      Microsoft.NETCore.Targets (>= 1.0.1)
      System.Runtime (>= 4.1.0)
    NETStandard.Library (1.6.0)
      Microsoft.NETCore.Platforms (>= 1.0.1)
      Microsoft.Win32.Primitives (>= 4.0.1)
      System.AppContext (>= 4.1.0)
      System.Collections (>= 4.0.11)
      System.Collections.Concurrent (>= 4.0.12)
      System.Console (>= 4.0.0)
      System.Diagnostics.Debug (>= 4.0.11)
      System.Diagnostics.Tools (>= 4.0.1)
      System.Diagnostics.Tracing (>= 4.1.0)
      System.Globalization (>= 4.0.11)
      System.Globalization.Calendars (>= 4.0.1)
      System.IO (>= 4.1.0)
      System.IO.Compression (>= 4.1.0)
      System.IO.Compression.ZipFile (>= 4.0.1)
      System.IO.FileSystem (>= 4.0.1)
      System.IO.FileSystem.Primitives (>= 4.0.1)
      System.Linq (>= 4.1.0)
      System.Linq.Expressions (>= 4.1.0)
      System.Net.Http (>= 4.1.0)
      System.Net.Primitives (>= 4.0.11)
      System.Net.Sockets (>= 4.1.0)
      System.ObjectModel (>= 4.0.12)
      System.Reflection (>= 4.1.0)
      System.Reflection.Extensions (>= 4.0.1)
      System.Reflection.Primitives (>= 4.0.1)
      System.Resources.ResourceManager (>= 4.0.1)
      System.Runtime (>= 4.1.0)
      System.Runtime.Extensions (>= 4.1.0)
      System.Runtime.Handles (>= 4.0.1)
      System.Runtime.InteropServices (>= 4.1.0)
      System.Runtime.InteropServices.RuntimeInformation (>= 4.0.0)
      System.Runtime.Numerics (>= 4.0.1)
      System.Security.Cryptography.Algorithms (>= 4.2.0)
      System.Security.Cryptography.Encoding (>= 4.0.0)
      System.Security.Cryptography.Primitives (>= 4.0.0)
      System.Security.Cryptography.X509Certificates (>= 4.1.0)
      System.Text.Encoding (>= 4.0.11)
      System.Text.Encoding.Extensions (>= 4.0.11)
      System.Text.RegularExpressions (>= 4.1.0)
      System.Threading (>= 4.0.11)
      System.Threading.Tasks (>= 4.0.11)
      System.Threading.Timer (>= 4.0.1)
      System.Xml.ReaderWriter (>= 4.0.11)
      System.Xml.XDocument (>= 4.0.11)
    runtime.native.System (4.0.0)
      Microsoft.NETCore.Platforms (>= 1.0.1)
      Microsoft.NETCore.Targets (>= 1.0.1)
    runtime.native.System.IO.Compression (4.1.0)
      Microsoft.NETCore.Platforms (>= 1.0.1)
      Microsoft.NETCore.Targets (>= 1.0.1)
    runtime.native.System.Net.Http (4.0.1)
      Microsoft.NETCore.Platforms (>= 1.0.1)
      Microsoft.NETCore.Targets (>= 1.0.1)
    runtime.native.System.Security.Cryptography (4.0.0)
      Microsoft.NETCore.Platforms (>= 1.0.1)
      Microsoft.NETCore.Targets (>= 1.0.1)
    System.AppContext (4.1.0)
      System.Collections (>= 4.0.11) - framework: dnxcore50
      System.Resources.ResourceManager (>= 4.0.1) - framework: dnxcore50
      System.Runtime (>= 4.1.0)
      System.Threading (>= 4.0.11) - framework: dnxcore50
    System.Buffers (4.0.0)
      System.Diagnostics.Debug (>= 4.0.11)
      System.Diagnostics.Tracing (>= 4.1.0)
      System.Resources.ResourceManager (>= 4.0.1)
      System.Runtime (>= 4.1.0)
      System.Threading (>= 4.0.11)
    System.Collections (4.0.11)
      Microsoft.NETCore.Platforms (>= 1.0.1)
      Microsoft.NETCore.Targets (>= 1.0.1)
      System.Runtime (>= 4.1.0)
    System.Collections.Concurrent (4.0.12)
      System.Collections (>= 4.0.11)
      System.Diagnostics.Debug (>= 4.0.11)
      System.Diagnostics.Tracing (>= 4.1.0)
      System.Globalization (>= 4.0.11)
      System.Reflection (>= 4.1.0)
      System.Resources.ResourceManager (>= 4.0.1)
      System.Runtime (>= 4.1.0)
      System.Runtime.Extensions (>= 4.1.0)
      System.Threading (>= 4.0.11)
      System.Threading.Tasks (>= 4.0.11)
    System.Console (4.0.0)
      Microsoft.NETCore.Platforms (>= 1.0.1)
      Microsoft.NETCore.Targets (>= 1.0.1)
      System.IO (>= 4.1.0)
      System.Runtime (>= 4.1.0)
      System.Text.Encoding (>= 4.0.11)
    System.Diagnostics.Contracts (4.0.1) - framework: dnxcore50
      System.Runtime (>= 4.1.0)
    System.Diagnostics.Debug (4.0.11)
      Microsoft.NETCore.Platforms (>= 1.0.1)
      Microsoft.NETCore.Targets (>= 1.0.1)
      System.Runtime (>= 4.1.0)
    System.Diagnostics.DiagnosticSource (4.0.0)
      System.Collections (>= 4.0.11)
      System.Diagnostics.Tracing (>= 4.1.0)
      System.Reflection (>= 4.1.0)
      System.Runtime (>= 4.1.0)
      System.Threading (>= 4.0.11)
    System.Diagnostics.Tools (4.0.1)
      Microsoft.NETCore.Platforms (>= 1.0.1)
      Microsoft.NETCore.Targets (>= 1.0.1)
      System.Runtime (>= 4.1.0)
    System.Diagnostics.Tracing (4.1.0)
      Microsoft.NETCore.Platforms (>= 1.0.1)
      Microsoft.NETCore.Targets (>= 1.0.1)
      System.Runtime (>= 4.1.0)
    System.Globalization (4.0.11)
      Microsoft.NETCore.Platforms (>= 1.0.1)
      Microsoft.NETCore.Targets (>= 1.0.1)
      System.Runtime (>= 4.1.0)
    System.Globalization.Calendars (4.0.1)
      Microsoft.NETCore.Platforms (>= 1.0.1)
      Microsoft.NETCore.Targets (>= 1.0.1)
      System.Globalization (>= 4.0.11)
      System.Runtime (>= 4.1.0)
    System.Globalization.Extensions (4.0.1)
      Microsoft.NETCore.Platforms (>= 1.0.1)
      System.Globalization (>= 4.0.11)
      System.Resources.ResourceManager (>= 4.0.1)
      System.Runtime (>= 4.1.0)
      System.Runtime.Extensions (>= 4.1.0)
      System.Runtime.InteropServices (>= 4.1.0)
    System.IO (4.1.0)
      Microsoft.NETCore.Platforms (>= 1.0.1)
      Microsoft.NETCore.Targets (>= 1.0.1)
      System.Runtime (>= 4.1.0)
      System.Text.Encoding (>= 4.0.11)
      System.Threading.Tasks (>= 4.0.11)
    System.IO.Compression (4.1.0)
      Microsoft.NETCore.Platforms (>= 1.0.1)
      runtime.native.System (>= 4.0.0)
      runtime.native.System.IO.Compression (>= 4.1.0)
      System.Collections (>= 4.0.11)
      System.Diagnostics.Debug (>= 4.0.11)
      System.IO (>= 4.1.0)
      System.Resources.ResourceManager (>= 4.0.1)
      System.Runtime (>= 4.1.0)
      System.Runtime.Extensions (>= 4.1.0)
      System.Runtime.Handles (>= 4.0.1)
      System.Runtime.InteropServices (>= 4.1.0)
      System.Text.Encoding (>= 4.0.11)
      System.Threading (>= 4.0.11)
      System.Threading.Tasks (>= 4.0.11)
    System.IO.Compression.ZipFile (4.0.1)
      System.Buffers (>= 4.0.0)
      System.IO (>= 4.1.0)
      System.IO.Compression (>= 4.1.0)
      System.IO.FileSystem (>= 4.0.1)
      System.IO.FileSystem.Primitives (>= 4.0.1)
      System.Resources.ResourceManager (>= 4.0.1)
      System.Runtime (>= 4.1.0)
      System.Runtime.Extensions (>= 4.1.0)
      System.Text.Encoding (>= 4.0.11)
    System.IO.FileSystem (4.0.1)
      Microsoft.NETCore.Platforms (>= 1.0.1)
      Microsoft.NETCore.Targets (>= 1.0.1)
      System.IO (>= 4.1.0)
      System.IO.FileSystem.Primitives (>= 4.0.1)
      System.Runtime (>= 4.1.0)
      System.Runtime.Handles (>= 4.0.1)
      System.Text.Encoding (>= 4.0.11)
      System.Threading.Tasks (>= 4.0.11)
    System.IO.FileSystem.Primitives (4.0.1)
      System.Runtime (>= 4.1.0)
    System.Linq (4.1.0)
      System.Collections (>= 4.0.11)
      System.Diagnostics.Debug (>= 4.0.11)
      System.Resources.ResourceManager (>= 4.0.1)
      System.Runtime (>= 4.1.0)
      System.Runtime.Extensions (>= 4.1.0)
    System.Linq.Expressions (4.1.0)
      System.Collections (>= 4.0.11)
      System.Diagnostics.Debug (>= 4.0.11)
      System.Globalization (>= 4.0.11)
      System.IO (>= 4.1.0)
      System.Linq (>= 4.1.0)
      System.ObjectModel (>= 4.0.12)
      System.Reflection (>= 4.1.0)
      System.Reflection.Emit (>= 4.0.1)
      System.Reflection.Emit.ILGeneration (>= 4.0.1)
      System.Reflection.Emit.Lightweight (>= 4.0.1)
      System.Reflection.Extensions (>= 4.0.1)
      System.Reflection.Primitives (>= 4.0.1)
      System.Reflection.TypeExtensions (>= 4.1.0)
      System.Resources.ResourceManager (>= 4.0.1)
      System.Runtime (>= 4.1.0)
      System.Runtime.Extensions (>= 4.1.0)
      System.Threading (>= 4.0.11)
    System.Linq.Queryable (4.0.1)
      System.Collections (>= 4.0.11)
      System.Diagnostics.Debug (>= 4.0.11)
      System.Linq (>= 4.1.0)
      System.Linq.Expressions (>= 4.1.0)
      System.Reflection (>= 4.1.0)
      System.Reflection.Extensions (>= 4.0.1)
      System.Resources.ResourceManager (>= 4.0.1)
      System.Runtime (>= 4.1.0)
    System.Net.Http (4.1.0)
      Microsoft.NETCore.Platforms (>= 1.0.1)
      Microsoft.Win32.Primitives (>= 4.0.1)
      runtime.native.System (>= 4.0.0)
      runtime.native.System.Net.Http (>= 4.0.1)
      runtime.native.System.Security.Cryptography (>= 4.0.0)
      System.Collections (>= 4.0.11)
      System.Diagnostics.Debug (>= 4.0.11)
      System.Diagnostics.DiagnosticSource (>= 4.0.0)
      System.Diagnostics.Tracing (>= 4.1.0)
      System.Globalization (>= 4.0.11)
      System.Globalization.Extensions (>= 4.0.1)
      System.IO (>= 4.1.0)
      System.IO.Compression (>= 4.1.0)
      System.IO.FileSystem (>= 4.0.1)
      System.Net.Primitives (>= 4.0.11)
      System.Resources.ResourceManager (>= 4.0.1)
      System.Runtime (>= 4.1.0)
      System.Runtime.Extensions (>= 4.1.0)
      System.Runtime.Handles (>= 4.0.1)
      System.Runtime.InteropServices (>= 4.1.0)
      System.Runtime.WindowsRuntime (>= 4.0.11) - framework: dnxcore50
      System.Security.Cryptography.Algorithms (>= 4.2.0)
      System.Security.Cryptography.Encoding (>= 4.0.0)
      System.Security.Cryptography.OpenSsl (>= 4.0.0)
      System.Security.Cryptography.Primitives (>= 4.0.0)
      System.Security.Cryptography.X509Certificates (>= 4.1.0)
      System.Text.Encoding (>= 4.0.11)
      System.Text.Encoding.Extensions (>= 4.0.11) - framework: dnxcore50
      System.Threading (>= 4.0.11)
      System.Threading.Tasks (>= 4.0.11)
    System.Net.Primitives (4.0.11)
      Microsoft.NETCore.Platforms (>= 1.0.1)
      Microsoft.NETCore.Targets (>= 1.0.1)
      System.Runtime (>= 4.1.0)
      System.Runtime.Handles (>= 4.0.1)
    System.Net.Requests (4.0.11)
      Microsoft.NETCore.Platforms (>= 1.0.1)
      System.Collections (>= 4.0.11)
      System.Diagnostics.Debug (>= 4.0.11)
      System.Diagnostics.Tracing (>= 4.1.0)
      System.Globalization (>= 4.0.11)
      System.IO (>= 4.1.0)
      System.Net.Http (>= 4.1.0)
      System.Net.Primitives (>= 4.0.11)
      System.Net.WebHeaderCollection (>= 4.0.1)
      System.Resources.ResourceManager (>= 4.0.1)
      System.Runtime (>= 4.1.0)
      System.Threading (>= 4.0.11)
      System.Threading.Tasks (>= 4.0.11)
    System.Net.Sockets (4.1.0)
      Microsoft.NETCore.Platforms (>= 1.0.1)
      Microsoft.NETCore.Targets (>= 1.0.1)
      System.IO (>= 4.1.0)
      System.Net.Primitives (>= 4.0.11)
      System.Runtime (>= 4.1.0)
      System.Threading.Tasks (>= 4.0.11)
    System.Net.WebHeaderCollection (4.0.1)
      System.Collections (>= 4.0.11)
      System.Resources.ResourceManager (>= 4.0.1)
      System.Runtime (>= 4.1.0)
      System.Runtime.Extensions (>= 4.1.0)
    System.ObjectModel (4.0.12)
      System.Collections (>= 4.0.11)
      System.Diagnostics.Debug (>= 4.0.11)
      System.Resources.ResourceManager (>= 4.0.1)
      System.Runtime (>= 4.1.0)
      System.Threading (>= 4.0.11)
    System.Reflection (4.1.0)
      Microsoft.NETCore.Platforms (>= 1.0.1)
      Microsoft.NETCore.Targets (>= 1.0.1)
      System.IO (>= 4.1.0)
      System.Reflection.Primitives (>= 4.0.1)
      System.Runtime (>= 4.1.0)
    System.Reflection.Emit (4.0.1)
      System.IO (>= 4.1.0)
      System.Reflection (>= 4.1.0)
      System.Reflection.Emit.ILGeneration (>= 4.0.1)
      System.Reflection.Primitives (>= 4.0.1)
      System.Runtime (>= 4.1.0)
    System.Reflection.Emit.ILGeneration (4.0.1)
      System.Reflection (>= 4.1.0)
      System.Reflection.Primitives (>= 4.0.1)
      System.Runtime (>= 4.1.0)
    System.Reflection.Emit.Lightweight (4.0.1)
      System.Reflection (>= 4.1.0)
      System.Reflection.Emit.ILGeneration (>= 4.0.1)
      System.Reflection.Primitives (>= 4.0.1)
      System.Runtime (>= 4.1.0)
    System.Reflection.Extensions (4.0.1)
      Microsoft.NETCore.Platforms (>= 1.0.1)
      Microsoft.NETCore.Targets (>= 1.0.1)
      System.Reflection (>= 4.1.0)
      System.Runtime (>= 4.1.0)
    System.Reflection.Primitives (4.0.1)
      Microsoft.NETCore.Platforms (>= 1.0.1)
      Microsoft.NETCore.Targets (>= 1.0.1)
      System.Runtime (>= 4.1.0)
    System.Reflection.TypeExtensions (4.1.0)
      System.Diagnostics.Contracts (>= 4.0.1) - framework: dnxcore50
      System.Diagnostics.Debug (>= 4.0.11) - framework: dnxcore50
      System.Linq (>= 4.1.0) - framework: dnxcore50
      System.Reflection (>= 4.1.0)
      System.Reflection.Primitives (>= 4.0.1) - framework: dnxcore50
      System.Resources.ResourceManager (>= 4.0.1) - framework: dnxcore50
      System.Runtime (>= 4.1.0)
      System.Runtime.Extensions (>= 4.1.0) - framework: dnxcore50
    System.Resources.ResourceManager (4.0.1)
      Microsoft.NETCore.Platforms (>= 1.0.1)
      Microsoft.NETCore.Targets (>= 1.0.1)
      System.Globalization (>= 4.0.11)
      System.Reflection (>= 4.1.0)
      System.Runtime (>= 4.1.0)
    System.Runtime (4.1.0)
      Microsoft.NETCore.Platforms (>= 1.0.1)
      Microsoft.NETCore.Targets (>= 1.0.1)
    System.Runtime.Extensions (4.1.0)
      Microsoft.NETCore.Platforms (>= 1.0.1)
      Microsoft.NETCore.Targets (>= 1.0.1)
      System.Runtime (>= 4.1.0)
    System.Runtime.Handles (4.0.1)
      Microsoft.NETCore.Platforms (>= 1.0.1)
      Microsoft.NETCore.Targets (>= 1.0.1)
      System.Runtime (>= 4.1.0)
    System.Runtime.InteropServices (4.1.0)
      Microsoft.NETCore.Platforms (>= 1.0.1)
      Microsoft.NETCore.Targets (>= 1.0.1)
      System.Reflection (>= 4.1.0)
      System.Reflection.Primitives (>= 4.0.1)
      System.Runtime (>= 4.1.0)
      System.Runtime.Handles (>= 4.0.1)
    System.Runtime.InteropServices.RuntimeInformation (4.0.0)
      Microsoft.NETCore.Platforms (>= 1.0.1)
      runtime.native.System (>= 4.0.0)
      System.Reflection (>= 4.1.0)
      System.Resources.ResourceManager (>= 4.0.1)
      System.Runtime (>= 4.1.0)
      System.Runtime.InteropServices (>= 4.1.0)
      System.Threading (>= 4.0.11)
    System.Runtime.Loader (4.0.0)
      System.IO (>= 4.1.0)
      System.Reflection (>= 4.1.0)
      System.Runtime (>= 4.1.0)
    System.Runtime.Numerics (4.0.1)
      System.Globalization (>= 4.0.11)
      System.Resources.ResourceManager (>= 4.0.1)
      System.Runtime (>= 4.1.0)
      System.Runtime.Extensions (>= 4.1.0)
    System.Runtime.WindowsRuntime (4.0.11) - framework: dnxcore50
      Microsoft.NETCore.Platforms (>= 1.0.1)
      System.Diagnostics.Debug (>= 4.0.11) - framework: dnxcore50
      System.Globalization (>= 4.0.11) - framework: dnxcore50
      System.IO (>= 4.1.0)
      System.ObjectModel (>= 4.0.12)
      System.Resources.ResourceManager (>= 4.0.1) - framework: dnxcore50
      System.Runtime (>= 4.1.0)
      System.Runtime.Extensions (>= 4.1.0) - framework: dnxcore50
      System.Runtime.InteropServices (>= 4.1.0) - framework: dnxcore50
      System.Threading (>= 4.0.11) - framework: dnxcore50
      System.Threading.Tasks (>= 4.0.11)
    System.Security.Cryptography.Algorithms (4.2.0)
      Microsoft.NETCore.Platforms (>= 1.0.1)
      runtime.native.System.Security.Cryptography (>= 4.0.0)
      System.Collections (>= 4.0.11)
      System.IO (>= 4.1.0)
      System.Resources.ResourceManager (>= 4.0.1)
      System.Runtime (>= 4.1.0)
      System.Runtime.Extensions (>= 4.1.0)
      System.Runtime.Handles (>= 4.0.1)
      System.Runtime.InteropServices (>= 4.1.0)
      System.Runtime.Numerics (>= 4.0.1)
      System.Security.Cryptography.Encoding (>= 4.0.0)
      System.Security.Cryptography.Primitives (>= 4.0.0)
      System.Text.Encoding (>= 4.0.11)
    System.Security.Cryptography.Cng (4.2.0)
      Microsoft.NETCore.Platforms (>= 1.0.1)
      System.IO (>= 4.1.0)
      System.Resources.ResourceManager (>= 4.0.1)
      System.Runtime (>= 4.1.0)
      System.Runtime.Extensions (>= 4.1.0)
      System.Runtime.Handles (>= 4.0.1)
      System.Runtime.InteropServices (>= 4.1.0)
      System.Security.Cryptography.Algorithms (>= 4.2.0)
      System.Security.Cryptography.Encoding (>= 4.0.0)
      System.Security.Cryptography.Primitives (>= 4.0.0)
      System.Text.Encoding (>= 4.0.11)
    System.Security.Cryptography.Csp (4.0.0)
      Microsoft.NETCore.Platforms (>= 1.0.1)
      System.IO (>= 4.1.0)
      System.Reflection (>= 4.1.0)
      System.Resources.ResourceManager (>= 4.0.1)
      System.Runtime (>= 4.1.0)
      System.Runtime.Extensions (>= 4.1.0)
      System.Runtime.Handles (>= 4.0.1)
      System.Runtime.InteropServices (>= 4.1.0)
      System.Security.Cryptography.Algorithms (>= 4.2.0)
      System.Security.Cryptography.Encoding (>= 4.0.0)
      System.Security.Cryptography.Primitives (>= 4.0.0)
      System.Text.Encoding (>= 4.0.11)
      System.Threading (>= 4.0.11)
    System.Security.Cryptography.Encoding (4.0.0)
      Microsoft.NETCore.Platforms (>= 1.0.1)
      runtime.native.System.Security.Cryptography (>= 4.0.0)
      System.Collections (>= 4.0.11)
      System.Collections.Concurrent (>= 4.0.12)
      System.Linq (>= 4.1.0)
      System.Resources.ResourceManager (>= 4.0.1)
      System.Runtime (>= 4.1.0)
      System.Runtime.Extensions (>= 4.1.0)
      System.Runtime.Handles (>= 4.0.1)
      System.Runtime.InteropServices (>= 4.1.0)
      System.Security.Cryptography.Primitives (>= 4.0.0)
      System.Text.Encoding (>= 4.0.11)
    System.Security.Cryptography.OpenSsl (4.0.0)
      runtime.native.System.Security.Cryptography (>= 4.0.0)
      System.Collections (>= 4.0.11)
      System.IO (>= 4.1.0)
      System.Resources.ResourceManager (>= 4.0.1)
      System.Runtime (>= 4.1.0)
      System.Runtime.Extensions (>= 4.1.0)
      System.Runtime.Handles (>= 4.0.1)
      System.Runtime.InteropServices (>= 4.1.0)
      System.Runtime.Numerics (>= 4.0.1)
      System.Security.Cryptography.Algorithms (>= 4.2.0)
      System.Security.Cryptography.Encoding (>= 4.0.0)
      System.Security.Cryptography.Primitives (>= 4.0.0)
      System.Text.Encoding (>= 4.0.11)
    System.Security.Cryptography.Primitives (4.0.0)
      System.Diagnostics.Debug (>= 4.0.11)
      System.Globalization (>= 4.0.11)
      System.IO (>= 4.1.0)
      System.Resources.ResourceManager (>= 4.0.1)
      System.Runtime (>= 4.1.0)
      System.Threading (>= 4.0.11)
      System.Threading.Tasks (>= 4.0.11)
    System.Security.Cryptography.X509Certificates (4.1.0)
      Microsoft.NETCore.Platforms (>= 1.0.1)
      runtime.native.System (>= 4.0.0)
      runtime.native.System.Net.Http (>= 4.0.1)
      runtime.native.System.Security.Cryptography (>= 4.0.0)
      System.Collections (>= 4.0.11)
      System.Diagnostics.Debug (>= 4.0.11)
      System.Globalization (>= 4.0.11)
      System.Globalization.Calendars (>= 4.0.1)
      System.IO (>= 4.1.0)
      System.IO.FileSystem (>= 4.0.1)
      System.IO.FileSystem.Primitives (>= 4.0.1)
      System.Resources.ResourceManager (>= 4.0.1)
      System.Runtime (>= 4.1.0)
      System.Runtime.Extensions (>= 4.1.0)
      System.Runtime.Handles (>= 4.0.1)
      System.Runtime.InteropServices (>= 4.1.0)
      System.Runtime.Numerics (>= 4.0.1)
      System.Security.Cryptography.Algorithms (>= 4.2.0)
      System.Security.Cryptography.Cng (>= 4.2.0)
      System.Security.Cryptography.Csp (>= 4.0.0)
      System.Security.Cryptography.Encoding (>= 4.0.0)
      System.Security.Cryptography.OpenSsl (>= 4.0.0)
      System.Security.Cryptography.Primitives (>= 4.0.0)
      System.Text.Encoding (>= 4.0.11)
      System.Threading (>= 4.0.11)
    System.Text.Encoding (4.0.11)
      Microsoft.NETCore.Platforms (>= 1.0.1)
      Microsoft.NETCore.Targets (>= 1.0.1)
      System.Runtime (>= 4.1.0)
    System.Text.Encoding.Extensions (4.0.11)
      Microsoft.NETCore.Platforms (>= 1.0.1)
      Microsoft.NETCore.Targets (>= 1.0.1)
      System.Runtime (>= 4.1.0)
      System.Text.Encoding (>= 4.0.11)
    System.Text.RegularExpressions (4.1.0)
      System.Collections (>= 4.0.11)
      System.Globalization (>= 4.0.11)
      System.Resources.ResourceManager (>= 4.0.1)
      System.Runtime (>= 4.1.0)
      System.Runtime.Extensions (>= 4.1.0)
      System.Threading (>= 4.0.11)
    System.Threading (4.0.11)
      System.Runtime (>= 4.1.0)
      System.Threading.Tasks (>= 4.0.11)
    System.Threading.Tasks (4.0.11)
      Microsoft.NETCore.Platforms (>= 1.0.1)
      Microsoft.NETCore.Targets (>= 1.0.1)
      System.Runtime (>= 4.1.0)
    System.Threading.Tasks.Extensions (4.0.0)
      System.Collections (>= 4.0.11)
      System.Runtime (>= 4.1.0)
      System.Threading.Tasks (>= 4.0.11)
    System.Threading.Tasks.Parallel (4.0.1)
      System.Collections.Concurrent (>= 4.0.12)
      System.Diagnostics.Debug (>= 4.0.11)
      System.Diagnostics.Tracing (>= 4.1.0)
      System.Resources.ResourceManager (>= 4.0.1)
      System.Runtime (>= 4.1.0)
      System.Runtime.Extensions (>= 4.1.0)
      System.Threading (>= 4.0.11)
      System.Threading.Tasks (>= 4.0.11)
    System.Threading.Thread (4.0.0)
      System.Runtime (>= 4.1.0)
    System.Threading.ThreadPool (4.0.10)
      System.Runtime (>= 4.1.0)
      System.Runtime.Handles (>= 4.0.1)
    System.Threading.Timer (4.0.1)
      Microsoft.NETCore.Platforms (>= 1.0.1)
      Microsoft.NETCore.Targets (>= 1.0.1)
      System.Runtime (>= 4.1.0)
    System.Xml.ReaderWriter (4.0.11)
      System.Collections (>= 4.0.11)
      System.Diagnostics.Debug (>= 4.0.11)
      System.Globalization (>= 4.0.11)
      System.IO (>= 4.1.0)
      System.IO.FileSystem (>= 4.0.1)
      System.IO.FileSystem.Primitives (>= 4.0.1)
      System.Resources.ResourceManager (>= 4.0.1)
      System.Runtime (>= 4.1.0)
      System.Runtime.Extensions (>= 4.1.0)
      System.Runtime.InteropServices (>= 4.1.0)
      System.Text.Encoding (>= 4.0.11)
      System.Text.Encoding.Extensions (>= 4.0.11)
      System.Text.RegularExpressions (>= 4.1.0)
      System.Threading.Tasks (>= 4.0.11)
      System.Threading.Tasks.Extensions (>= 4.0.0)
    System.Xml.XDocument (4.0.11)
      System.Collections (>= 4.0.11)
      System.Diagnostics.Debug (>= 4.0.11)
      System.Diagnostics.Tools (>= 4.0.1)
      System.Globalization (>= 4.0.11)
      System.IO (>= 4.1.0)
      System.Reflection (>= 4.1.0)
      System.Resources.ResourceManager (>= 4.0.1)
      System.Runtime (>= 4.1.0)
      System.Runtime.Extensions (>= 4.1.0)
      System.Text.Encoding (>= 4.0.11)
      System.Threading (>= 4.0.11)
      System.Xml.ReaderWriter (>= 4.0.11)
    Zlib.Portable (1.11.0) - framework: portable-net45+sl5+win8, portable-net45+win8, portable-net45+win8+wp8+wpa81
